GEM
  specs:
    childprocess (0.2.2)
      ffi (~> 1.0.6)
    ffi (1.0.9-x86-mingw32)
    json_pure (1.6.1)
    rack (1.3.4)
    rubyzip (0.9.4)
    selenium-webdriver (2.8.0)
      childprocess (>= 0.2.1)
      ffi (>= 1.0.7)
      json_pure
      rubyzip
    sinatra (1.2.6)
      rack (~> 1.1)
      tilt (< 2.0, >= 1.2.2)
    tilt (1.3.3)
    watir-webdriver (0.3.5)
      selenium-webdriver (>= 0.2.2)

PLATFORMS
  x86-mingw32

DEPENDENCIES
  sinatra
  watir-webdriver
