GEM
  specs:
    childprocess (0.2.2)
      ffi (~> 1.0.6)
    ffi (1.0.9-x86-mingw32)
    json_pure (1.6.1)
    rubyzip (0.9.4)
    selenium-webdriver (2.8.0)
      childprocess (>= 0.2.1)
      ffi (>= 1.0.7)
      json_pure
      rubyzip
    watir-webdriver (0.3.5)
      selenium-webdriver (>= 0.2.2)

PLATFORMS
  x86-mingw32

DEPENDENCIES
  watir-webdriver
